PATH
  remote: .
  specs:
    cssremedy-rails (0.2.1)

GEM
  remote: https://rubygems.org/
  specs:
    rake (13.0.6)

PLATFORMS
  ruby

DEPENDENCIES
  bundler (~> 2.3.18)
  cssremedy-rails!
  rake (>= 13.0.6)

BUNDLED WITH
   2.3.18
