PATH
  remote: .
  specs:
    cssremedy-rails (0.1.4)

GEM
  remote: https://rubygems.org/
  specs:
    rake (10.5.0)

PLATFORMS
  ruby

DEPENDENCIES
  bundler (~> 1.17)
  cssremedy-rails!
  rake (~> 10.0)

BUNDLED WITH
   1.17.1
