PATH
  remote: .
  specs:
    cssremedy-rails (0.2.0)

GEM
  remote: https://rubygems.org/
  specs:
    rake (13.0.1)

PLATFORMS
  ruby

DEPENDENCIES
  bundler (~> 2.1.2)
  cssremedy-rails!
  rake (>= 12.3.3)

BUNDLED WITH
   2.1.4
