PATH
  remote: .
  specs:
    cssremedy-rails (0.1.7)

GEM
  remote: https://rubygems.org/
  specs:
    rake (13.0.1)

PLATFORMS
  ruby

DEPENDENCIES
  bundler (~> 1.17)
  cssremedy-rails!
  rake (~> 13.0)

BUNDLED WITH
   1.17.1
